GEM
  remote: https://rubygems.org/
  specs:
    diff-lcs (1.5.0)
    listen (0.1.0)
    rspec (3.11.0)
      rspec-core (~> 3.11.0)
      rspec-expectations (~> 3.11.0)
      rspec-mocks (~> 3.11.0)
    rspec-core (3.11.0)
      rspec-support (~> 3.11.0)
    rspec-expectations (3.11.1)
      diff-lcs (>= 1.2.0, < 2.0)
      rspec-support (~> 3.11.0)
    rspec-mocks (3.11.1)
      diff-lcs (>= 1.2.0, < 2.0)
      rspec-support (~> 3.11.0)
    rspec-support (3.11.1)
    rubymon (0.1.1)
      listen (~> 0.1.0)

PLATFORMS
  x86_64-darwin-21

DEPENDENCIES
  rspec (~> 3.11)
  rubymon (~> 0.1.1)

BUNDLED WITH
   2.2.3
